GEM
  remote: http://rubygems.org/
  specs:
    capistrano (3.4.0)
      i18n
      rake (>= 10.0.0)
      sshkit (~> 1.3)
    celluloid (0.16.0)
      timers (~> 4.0.0)
    celluloid-io (0.16.2)
      celluloid (>= 0.16.0)
      nio4r (>= 1.1.0)
    colorize (0.7.7)
    eye (0.7)
      celluloid (~> 0.16.0)
      celluloid-io (~> 0.16.0)
      sigar (~> 0.7.3)
      state_machine
      thor
    hitimes (1.2.3)
    i18n (0.7.0)
    net-scp (1.2.1)
      net-ssh (>= 2.6.5)
    net-ssh (3.0.1)
    nio4r (1.1.1)
    rack (1.6.4)
    rack-protection (1.5.3)
      rack
    rake (10.4.2)
    sigar (0.7.3)
    sinatra (1.4.6)
      rack (~> 1.4)
      rack-protection (~> 1.4)
      tilt (>= 1.3, < 3)
    sshkit (1.7.1)
      colorize (>= 0.7.0)
      net-scp (>= 1.1.2)
      net-ssh (>= 2.8.0)
    state_machine (1.2.0)
    thor (0.19.1)
    tilt (2.0.1)
    timers (4.0.4)
      hitimes

PLATFORMS
  ruby

DEPENDENCIES
  capistrano (~> 3.4)
  eye (~> 0.7)
  sinatra

BUNDLED WITH
   1.10.6
